PATH
  remote: .
  specs:
    achoo (0.5.1.353)
      mechanize (~> 1.0.0)
      plugman (>= 0.1.1)
      ri_cal
      shellout (~> 0.4)

GEM
  remote: http://rubygems.org/
  specs:
    Saikuro (1.1.0)
    activesupport (3.1.3)
      multi_json (~> 1.0)
    arrayfields (4.7.4)
    callsite (0.0.11)
    chronic (0.3.0)
    churn (0.0.15)
      arrayfields (= 4.7.4)
      chronic (>= 0.2.3)
      chronic (>= 0.2.3)
      fattr (= 2.2.0)
      hirb (= 0.5.0)
      hirb
      jeweler (= 1.6.4)
      json (= 1.6.1)
      json_pure
      main
      main (>= 4.6.0)
      map (= 4.3.0)
      ruby_parser (= 2.3.1)
      ruby_parser (~> 2.3)
      sexp_processor (= 3.0.7)
      sexp_processor (~> 3.0.3)
    code_stats (0.0.1)
      dirge (>= 0.0.3)
      rainbow
    colored (1.2)
    daemons (1.1.4)
    dirge (0.0.5)
      callsite (>= 0.0.2)
    erubis (2.7.0)
    eventmachine (0.12.10)
    fattr (2.2.0)
    flay (1.4.3)
      ruby_parser (~> 2.0)
      sexp_processor (~> 3.0)
    flog (2.5.3)
      ruby_parser (~> 2.0)
      sexp_processor (~> 3.0)
    git (1.2.5)
    haml (2.2.24)
    hanna (0.1.12)
      haml (~> 2.2.8)
      rake (~> 0.8.2)
      rdoc (~> 2.3.0)
    hirb (0.5.0)
    i18n (0.6.0)
    jeweler (1.6.4)
      bundler (~> 1.0)
      git (>= 1.2.5)
      rake
    json (1.6.1)
    json_pure (1.6.3)
    main (4.7.1)
    map (4.3.0)
    mechanize (1.0.0)
      nokogiri (>= 1.2.1)
    metric_fu (2.1.1)
      Saikuro (>= 1.1.0)
      activesupport (>= 2.0.0)
      chronic (~> 0.3.0)
      churn (>= 0.0.7)
      flay (>= 1.2.1)
      flog (>= 2.3.0)
      rails_best_practices (>= 0.6.4)
      rcov (>= 0.8.3.3)
      reek (>= 1.2.6)
      roodi (>= 2.1.0)
      syntax
    multi_json (1.0.4)
    nokogiri (1.5.0)
    plugman (0.2)
    progressbar (0.9.2)
    rack (1.3.5)
    rails_best_practices (1.5.3)
      activesupport
      colored
      erubis
      i18n
      progressbar
      sexp_processor
    rainbow (1.1.3)
    rake (0.8.7)
    rcov (0.9.11)
    rdoc (2.3.0)
    redgreen (1.2.2)
    reek (1.2.8)
      ruby2ruby (~> 1.2)
      ruby_parser (~> 2.0)
      sexp_processor (~> 3.0)
    ri_cal (0.8.8)
    roodi (2.1.0)
      ruby_parser
    ruby2ruby (1.3.1)
      ruby_parser (~> 2.0)
      sexp_processor (~> 3.0)
    ruby_parser (2.3.1)
      sexp_processor (~> 3.0)
    sexp_processor (3.0.7)
    shellout (0.4)
    shoulda (2.11.3)
    syntax (1.0.0)
    thin (1.3.1)
      daemons (>= 1.0.9)
      eventmachine (>= 0.12.6)
      rack (>= 1.0.0)

PLATFORMS
  ruby

DEPENDENCIES
  achoo!
  code_stats
  hanna
  metric_fu
  rack
  redgreen
  shoulda
  thin
